GEM
  remote: https://rubygems.org/
  specs:
    colorize (0.8.1)
    concurrent-ruby (1.1.6)
    dry-cli (0.5.1)
      concurrent-ruby (~> 1.0)
    faraday (0.17.3)
      multipart-post (>= 1.2, < 3)
    multipart-post (2.1.1)
    terminal-table (1.8.0)
      unicode-display_width (~> 1.1, >= 1.1.1)
    unicode-display_width (1.6.1)

PLATFORMS
  ruby

DEPENDENCIES
  colorize
  dry-cli
  faraday
  terminal-table

BUNDLED WITH
   2.1.2
